GEM
  remote: https://rubygems.org/
  specs:
    diff-lcs (1.1.3)
    eventmachine (1.0.3)
    eventmachine (1.0.3-java)
    http_parser.rb (0.5.3)
    http_parser.rb (0.5.3-java)
    rake (10.3.0)
    rspec (2.12.0)
      rspec-core (~> 2.12.0)
      rspec-expectations (~> 2.12.0)
      rspec-mocks (~> 2.12.0)
    rspec-core (2.12.2)
    rspec-expectations (2.12.1)
      diff-lcs (~> 1.1.3)
    rspec-mocks (2.12.2)
    thread_safe (0.3.3)
    thread_safe (0.3.3-java)

PLATFORMS
  java
  ruby

DEPENDENCIES
  eventmachine (~> 1.0.3)
  http_parser.rb
  rake (~> 10.3.0)
  rspec
  thread_safe
