GEM
  remote: https://rubygems.org/
  specs:
    eventmachine (1.0.3)
    rake (10.3.0)

PLATFORMS
  ruby

DEPENDENCIES
  eventmachine (~> 1.0.0)
  rake (~> 10.3.0)
